GEM
  remote: https://rubygems.org/
  specs:
    aws-sdk (2.10.23)
      aws-sdk-resources (= 2.10.23)
    aws-sdk-core (2.10.23)
      aws-sigv4 (~> 1.0)
      jmespath (~> 1.0)
    aws-sdk-resources (2.10.23)
      aws-sdk-core (= 2.10.23)
    aws-sigv4 (1.0.1)
    diffy (3.2.0)
    hashie (3.5.6)
    jmespath (1.3.1)
    macaddr (1.7.1)
      systemu (~> 2.6.2)
    net-dns2 (0.8.7)
      packetfu
    packetfu (1.1.13)
      pcaprub
    pcaprub (0.12.4)
    roadworker (0.5.8)
      aws-sdk (>= 2.2.34)
      diffy
      hashie
      net-dns2 (~> 0.8.6)
      systemu
      term-ansicolor
      uuid
    systemu (2.6.5)
    term-ansicolor (1.6.0)
      tins (~> 1.0)
    tins (1.15.0)
    uuid (2.3.8)
      macaddr (~> 1.0)

PLATFORMS
  ruby

DEPENDENCIES
  roadworker

BUNDLED WITH
   1.13.7
